GEM
  remote: https://rubygems.org/
  specs:
    rex-java (0.1.5)

PLATFORMS
  ruby

DEPENDENCIES
  rex-java

BUNDLED WITH
   1.16.1
